GEM
  remote: https://rubygems.org/
  specs:
    addressable (2.5.2)
      public_suffix (>= 2.0.2, < 4.0)
    ast (2.4.0)
    diff-lcs (1.3)
    facter (2.5.1)
    hiera (1.3.4)
      json_pure
    json-schema (2.8.1)
      addressable (>= 2.4)
    json_pure (2.1.0)
    metaclass (0.0.4)
    metadata-json-lint (2.2.0)
      json-schema (~> 2.8)
      spdx-licenses (~> 1.0)
    mocha (1.7.0)
      metaclass (~> 0.0.1)
    parallel (1.12.1)
    parser (2.5.3.0)
      ast (~> 2.4.0)
    powerpack (0.1.2)
    public_suffix (2.0.5)
    puppet (3.8.7)
      facter (> 1.6, < 3)
      hiera (~> 1.0)
      json_pure
    puppet-lint (2.3.6)
    puppet-syntax (2.4.1)
      rake
    puppetlabs_spec_helper (2.12.0)
      mocha (~> 1.0)
      puppet-lint (~> 2.0)
      puppet-syntax (~> 2.0)
      rspec-puppet (~> 2.0)
    rainbow (2.2.2)
      rake
    rake (12.3.1)
    rspec (3.8.0)
      rspec-core (~> 3.8.0)
      rspec-expectations (~> 3.8.0)
      rspec-mocks (~> 3.8.0)
    rspec-core (3.8.0)
      rspec-support (~> 3.8.0)
    rspec-expectations (3.8.2)
      diff-lcs (>= 1.2.0, < 2.0)
      rspec-support (~> 3.8.0)
    rspec-mocks (3.8.0)
      diff-lcs (>= 1.2.0, < 2.0)
      rspec-support (~> 3.8.0)
    rspec-puppet (2.7.2)
      rspec
    rspec-support (3.8.0)
    rubocop (0.50.0)
      parallel (~> 1.10)
      parser (>= 2.3.3.1, < 3.0)
      powerpack (~> 0.1)
      rainbow (>= 2.2.2, < 3.0)
      ruby-progressbar (~> 1.7)
      unicode-display_width (~> 1.0, >= 1.0.1)
    ruby-progressbar (1.10.0)
    spdx-licenses (1.2.0)
    unicode-display_width (1.4.0)

PLATFORMS
  ruby

DEPENDENCIES
  facter (>= 1.7.0)
  metadata-json-lint
  puppet (>= 3.3)
  puppet-lint (>= 1.0.0)
  puppetlabs_spec_helper (>= 1.2.0)
  rspec-puppet
  rubocop

BUNDLED WITH
   1.17.1
